GEM
  remote: http://rubygems.org/
  specs:
    addressable (2.2.6)
    backports (2.3.0)
    chunky_png (1.2.5)
    compass (0.11.5)
      chunky_png (~> 1.2)
      fssm (>= 0.2.7)
      sass (~> 3.1)
    data_objects (0.10.7)
      addressable (~> 2.1)
    dm-aggregates (1.1.0)
      dm-core (~> 1.1.0)
    dm-core (1.1.0)
      addressable (~> 2.2.4)
    dm-do-adapter (1.1.0)
      data_objects (~> 0.10.2)
      dm-core (~> 1.1.0)
    dm-migrations (1.1.0)
      dm-core (~> 1.1.0)
    dm-mysql-adapter (1.1.0)
      dm-do-adapter (~> 1.1.0)
      do_mysql (~> 0.10.2)
    dm-pager (1.1.0)
      dm-aggregates (>= 0.10.1)
      dm-core (>= 0.10.1)
    dm-timestamps (1.1.0)
      dm-core (~> 1.1.0)
    dm-validations (1.1.0)
      dm-core (~> 1.1.0)
    do_mysql (0.10.7)
      data_objects (= 0.10.7)
    fssm (0.2.7)
    kgio (2.6.0)
    monkey-lib (0.5.4)
      backports
    rack (1.3.4)
    rack-flash (0.1.2)
      rack
    rack-protection (1.1.4)
      rack
    raindrops (0.8.0)
    sass (3.1.10)
    sinatra (1.3.1)
      rack (~> 1.3, >= 1.3.4)
      rack-protection (~> 1.1, >= 1.1.2)
      tilt (~> 1.3, >= 1.3.3)
    sinatra-advanced-routes (0.5.1)
      monkey-lib (~> 0.5.0)
      sinatra (~> 1.0)
      sinatra-sugar (~> 0.5.0)
    sinatra-reloader (0.5.0)
      sinatra (~> 1.0)
      sinatra-advanced-routes (~> 0.5.0)
    sinatra-sugar (0.5.1)
      monkey-lib (~> 0.5.0)
      sinatra (~> 1.0)
    slim (1.0.3)
      temple (~> 0.3.4)
      tilt (~> 1.3.2)
    temple (0.3.4)
    tilt (1.3.3)
    unicorn (4.1.1)
      kgio (~> 2.4)
      rack
      raindrops (~> 0.6)
    yajl-ruby (1.0.0)

PLATFORMS
  ruby

DEPENDENCIES
  compass
  dm-aggregates (~> 1.1.0)
  dm-core (~> 1.1.0)
  dm-migrations (~> 1.1.0)
  dm-mysql-adapter (~> 1.1.0)
  dm-pager (~> 1.1.0)
  dm-timestamps (~> 1.1.0)
  dm-validations (~> 1.1.0)
  do_mysql
  rack-flash
  sinatra
  sinatra-reloader
  slim
  unicorn
  yajl-ruby
